GEM
  remote: https://rubygems.org/
  specs:
    aws-eventstream (1.2.0)
    aws-partitions (1.774.0)
    aws-sdk-core (3.174.0)
      aws-eventstream (~> 1, >= 1.0.2)
      aws-partitions (~> 1, >= 1.651.0)
      aws-sigv4 (~> 1.5)
      jmespath (~> 1, >= 1.6.1)
    aws-sdk-kms (1.65.0)
      aws-sdk-core (~> 3, >= 3.174.0)
      aws-sigv4 (~> 1.1)
    aws-sdk-s3 (1.123.1)
      aws-sdk-core (~> 3, >= 3.174.0)
      aws-sdk-kms (~> 1)
      aws-sigv4 (~> 1.4)
    aws-sigv4 (1.5.2)
      aws-eventstream (~> 1, >= 1.0.2)
    cgi (0.3.6)
    erb (4.0.2)
      cgi (>= 0.3.3)
    hirb (0.7.3)
    jmespath (1.6.2)
    multi_json (1.15.0)
    mustermann (3.0.0)
      ruby2_keywords (~> 0.0.1)
    nokogiri (1.14.3-arm64-darwin)
      racc (~> 1.4)
    nokogiri (1.14.3-x86_64-linux)
      racc (~> 1.4)
    racc (1.6.2)
    rack (2.2.7)
    rack-protection (3.0.6)
      rack
    rexml (3.2.5)
    ruby2_keywords (0.0.5)
    rubyzip (2.3.2)
    selenium-webdriver (4.9.0)
      rexml (~> 3.2, >= 3.2.5)
      rubyzip (>= 1.2.2, < 3.0)
      websocket (~> 1.0)
    sinatra (3.0.6)
      mustermann (~> 3.0)
      rack (~> 2.2, >= 2.2.4)
      rack-protection (= 3.0.6)
      tilt (~> 2.0)
    sinatra-contrib (3.0.6)
      multi_json
      mustermann (~> 3.0)
      rack-protection (= 3.0.6)
      sinatra (= 3.0.6)
      tilt (~> 2.0)
    tilt (2.2.0)
    websocket (1.2.9)

PLATFORMS
  arm64-darwin-21
  x86_64-linux

DEPENDENCIES
  aws-sdk-s3
  erb
  hirb
  nokogiri
  selenium-webdriver
  sinatra
  sinatra-contrib

BUNDLED WITH
   2.4.3
